PATH
  remote: .
  specs:
    triphthong (0.0.0)
      srx-polish
      trollop
      unicode

GEM
  remote: https://rubygems.org/
  specs:
    fakeweb (1.3.0)
    minitest (4.6.2)
    srx-polish (0.2.1)
      term-ansicolor (~> 1.0.5)
    term-ansicolor (1.0.7)
    trollop (2.0)
    unicode (0.4.4)
    vcr (2.4.0)

PLATFORMS
  ruby

DEPENDENCIES
  fakeweb
  minitest (~> 4.0)
  triphthong!
  vcr
