PATH
  remote: .
  specs:
    triphthong (0.1.0)

GEM
  remote: https://rubygems.org/
  specs:
    ast (1.1.0)
    bogus (0.1.4)
      dependor (>= 0.0.4)
    dependor (1.0.1)
    json (1.8.1)
    minitest (5.2.3)
    parser (2.1.4)
      ast (~> 1.1)
      slop (~> 3.4, >= 3.4.5)
    powerpack (0.0.9)
    rainbow (2.0.0)
    reek (1.3.6)
      ruby2ruby (~> 2.0.7)
      ruby_parser (~> 3.2)
      sexp_processor
    rubocop (0.18.1)
      json (>= 1.7.7, < 2)
      parser (~> 2.1.3)
      powerpack (~> 0.0.6)
      rainbow (>= 1.99.1, < 3.0)
    ruby2ruby (2.0.7)
      ruby_parser (~> 3.1)
      sexp_processor (~> 4.0)
    ruby_parser (3.4.1)
      sexp_processor (~> 4.1)
    sexp_processor (4.4.1)
    slop (3.4.7)

PLATFORMS
  ruby

DEPENDENCIES
  bogus (~> 0.1.4)
  minitest (~> 5.0)
  reek (~> 1.3)
  rubocop (~> 0.18.0)
  triphthong!
