PATH
  remote: .
  specs:
    triphthong (0.0.0)
      unicode

GEM
  remote: http://rubygems.org/
  specs:
    minitest (2.7.0)
    rake (0.9.2.2)
    unicode (0.4.0)

PLATFORMS
  ruby

DEPENDENCIES
  minitest (>= 2.3)
  rake
  triphthong!
