PATH
  remote: .
  specs:
    triphthong (0.0.0)
      srx-polish (~> 0.2.1)
      trollop (~> 2.0)
      unicode (~> 0.4.4)

GEM
  remote: https://rubygems.org/
  specs:
    fakeweb (1.3.0)
    haml (4.0.6)
      tilt
    minitest (5.6.0)
    rack (1.6.0)
    rack-protection (1.5.3)
      rack
    rake (10.4.2)
    sass (3.4.13)
    sinatra (1.4.6)
      rack (~> 1.4)
      rack-protection (~> 1.4)
      tilt (>= 1.3, < 3)
    srx-polish (0.2.1)
      term-ansicolor (~> 1.0.5)
    term-ansicolor (1.0.7)
    tilt (2.0.1)
    trollop (2.1.2)
    unicode (0.4.4.2)
    vcr (2.9.3)

PLATFORMS
  ruby

DEPENDENCIES
  fakeweb (~> 1.3)
  haml (~> 4.0)
  minitest (~> 5.0)
  rake (~> 10.1)
  sass (~> 3.4)
  sinatra (~> 1.4)
  triphthong!
  vcr (~> 2.8)
