PATH
  remote: .
  specs:
    triphthong (0.0.0)
      srx-polish
      trollop
      unicode

GEM
  remote: http://rubygems.org/
  specs:
    fakeweb (1.3.0)
    minitest (2.8.1)
    rake (0.9.2.2)
    srx-polish (0.2.1)
      term-ansicolor (~> 1.0.5)
    term-ansicolor (1.0.7)
    trollop (1.16.2)
    unicode (0.4.0)
    vcr (1.11.3)

PLATFORMS
  ruby

DEPENDENCIES
  fakeweb
  minitest (>= 2.3)
  rake
  triphthong!
  vcr
