PATH
  remote: .
  specs:
    triphthong (0.0.0)
      srx-polish (~> 0.2.1)
      trollop (~> 2.0)
      unicode (~> 0.4.4)

GEM
  remote: https://rubygems.org/
  specs:
    fakeweb (1.3.0)
    minitest (5.2.0)
    rake (10.1.1)
    srx-polish (0.2.1)
      term-ansicolor (~> 1.0.5)
    term-ansicolor (1.0.7)
    trollop (2.0)
    unicode (0.4.4)
    vcr (2.8.0)

PLATFORMS
  ruby

DEPENDENCIES
  fakeweb (~> 1.3)
  minitest (~> 5.0)
  rake (~> 10.1)
  triphthong!
  vcr (~> 2.8)
