PATH
  remote: .
  specs:
    triphthong (0.1.0)

GEM
  remote: https://rubygems.org/
  specs:
    ast (2.0.0)
    bogus (0.1.5)
      dependor (>= 0.0.4)
    dependor (1.0.1)
    minitest (5.4.0)
    parser (2.2.0.pre.4)
      ast (>= 1.1, < 3.0)
      slop (~> 3.4, >= 3.4.5)
    powerpack (0.0.9)
    rainbow (2.0.0)
    reek (1.3.8)
      rainbow (>= 1.99, < 3.0)
      ruby2ruby (>= 2.0.8, < 3.0)
      ruby_parser (~> 3.3)
      sexp_processor
    rubocop (0.25.0)
      parser (>= 2.2.0.pre.4, < 3.0)
      powerpack (~> 0.0.6)
      rainbow (>= 1.99.1, < 3.0)
      ruby-progressbar (~> 1.4)
    ruby-progressbar (1.5.1)
    ruby2ruby (2.1.1)
      ruby_parser (~> 3.1)
      sexp_processor (~> 4.0)
    ruby_parser (3.6.2)
      sexp_processor (~> 4.1)
    sexp_processor (4.4.4)
    slop (3.6.0)

PLATFORMS
  ruby

DEPENDENCIES
  bogus (~> 0.1.4)
  minitest (~> 5.0)
  reek (~> 1.3)
  rubocop (~> 0.25.0)
  triphthong!
