PATH
  remote: .
  specs:
    triphthong (0.0.0)
      srx-polish
      trollop
      unicode

GEM
  remote: http://rubygems.org/
  specs:
    fakeweb (1.3.0)
    ffi (1.2.0)
    listen (0.6.0)
    minitest (4.3.2)
    rake (10.0.2)
    rb-inotify (0.8.8)
      ffi (>= 0.5.0)
    rerun (0.7.1)
      listen
    srx-polish (0.2.1)
      term-ansicolor (~> 1.0.5)
    term-ansicolor (1.0.7)
    trollop (2.0)
    unicode (0.4.3)
    vcr (2.2.5)

PLATFORMS
  ruby

DEPENDENCIES
  fakeweb
  minitest (~> 4.0)
  rake
  rb-inotify
  rerun
  triphthong!
  vcr
